GEM
  remote: https://rubygems.org/
  specs:
    activesupport (5.0.0)
      concurrent-ruby (~> 1.0, >= 1.0.2)
      i18n (~> 0.7)
      minitest (~> 5.1)
      tzinfo (~> 1.1)
    adsf (1.2.1)
      rack (>= 1.0.0)
    builder (3.2.2)
    chunky_png (1.3.6)
    coderay (1.1.1)
    colored (1.2)
    compass (0.12.7)
      chunky_png (~> 1.2)
      fssm (>= 0.2.7)
      sass (~> 3.2.19)
    concurrent-ruby (1.0.2)
    cri (2.7.0)
      colored (~> 1.2)
    execjs (2.7.0)
    exifr (1.2.4)
    ffi (1.9.12)
    formatador (0.2.5)
    fspath (2.1.1)
    fssm (0.2.10)
    guard (2.14.0)
      formatador (>= 0.2.4)
      listen (>= 2.7, < 4.0)
      lumberjack (~> 1.0)
      nenv (~> 0.1)
      notiffany (~> 0.0)
      pry (>= 0.9.12)
      shellany (~> 0.0)
      thor (>= 0.18.1)
    guard-compat (1.2.1)
    guard-nanoc (2.0.0)
      guard (~> 2.8)
      guard-compat (~> 1.0)
      nanoc (~> 4.0)
    haml (3.1.8)
    hamster (3.0.0)
      concurrent-ruby (~> 1.0)
    i18n (0.7.0)
    image_optim (0.22.1)
      exifr (~> 1.2, >= 1.2.2)
      fspath (~> 2.1)
      image_size (~> 1.3)
      in_threads (~> 1.3)
      progress (~> 3.0, >= 3.0.1)
    image_size (1.4.2)
    in_threads (1.3.1)
    jsmin (1.0.1)
    json (2.0.1)
    kramdown (1.11.1)
    listen (3.1.5)
      rb-fsevent (~> 0.9, >= 0.9.4)
      rb-inotify (~> 0.9, >= 0.9.7)
      ruby_dep (~> 1.2)
    lumberjack (1.0.10)
    method_source (0.8.2)
    mime-types (3.1)
      mime-types-data (~> 3.2015)
    mime-types-data (3.2016.0521)
    mini_portile2 (2.1.0)
    minitest (5.9.0)
    multi_json (1.12.1)
    nanoc (4.2.3)
      cri (~> 2.3)
      hamster (~> 3.0)
    nanoc-image-compressor (0.1.1)
      image_optim
      nanoc (>= 3.3.1)
    nanoc-javascript-concatenator (0.0.2)
      nanoc (>= 3.3.0)
    nenv (0.3.0)
    nokogiri (1.6.8)
      mini_portile2 (~> 2.1.0)
      pkg-config (~> 1.1.7)
    notiffany (0.1.0)
      nenv (~> 0.1)
      shellany (~> 0.0)
    pkg-config (1.1.7)
    progress (3.1.1)
    pry (0.10.3)
      coderay (~> 1.1.0)
      method_source (~> 0.8.1)
      slop (~> 3.4)
    rack (2.0.1)
    rainpress (1.0)
    rake (11.2.2)
    rb-fsevent (0.9.7)
    rb-inotify (0.9.7)
      ffi (>= 0.5.0)
    ruby_dep (1.3.1)
    rubypants (0.2.0)
    sass (3.2.19)
    shellany (0.0.1)
    slop (3.6.0)
    systemu (2.6.5)
    terminal-notifier (1.6.2)
    terminal-notifier-guard (1.7.0)
    thor (0.19.1)
    thread_safe (0.3.5)
    typogruby (1.0.18)
      rubypants
    tzinfo (1.2.2)
      thread_safe (~> 0.1)
    uglifier (3.0.0)
      execjs (>= 0.3.0, < 3)
    w3c_validators (1.2)
      json
      nokogiri

PLATFORMS
  ruby

DEPENDENCIES
  activesupport
  adsf
  builder
  compass (~> 0.12.2)
  guard (~> 2.8)
  guard-nanoc (~> 2.0.0)
  haml (~> 3.1)
  i18n
  jsmin (~> 1.0)
  kramdown
  mime-types
  multi_json (~> 1.3)
  nanoc (~> 4)
  nanoc-image-compressor (>= 0.1.1)
  nanoc-javascript-concatenator (~> 0.0.2)
  nokogiri
  rack
  rainpress (~> 1.0)
  rake
  sass (~> 3.2.12)
  systemu
  terminal-notifier (= 1.6.2)
  terminal-notifier-guard
  typogruby
  uglifier
  w3c_validators

BUNDLED WITH
   1.11.2
