GEM
  remote: https://rubygems.org/
  specs:
    adsf (1.1.1)
      rack (>= 1.0.0)
    builder (3.2.2)
    celluloid (0.15.2)
      timers (~> 1.1.0)
    coderay (1.1.0)
    colored (1.2)
    cri (2.4.0)
      colored (>= 1.2)
    execjs (2.0.2)
    exifr (1.1.3)
    ffi (1.9.3)
    formatador (0.2.4)
    fspath (2.0.5)
    git (1.2.6)
    guard (2.2.4)
      formatador (>= 0.2.4)
      listen (~> 2.1)
      lumberjack (~> 1.0)
      pry (>= 0.9.12)
      thor (>= 0.18.1)
    guard-nanoc (1.0.1)
      guard (>= 1.8.0)
      nanoc (>= 3.6.3)
    haml (3.1.8)
    i18n (0.6.5)
    image_optim (0.9.1)
      exifr (~> 1.1.3)
      fspath (~> 2.0.5)
      image_size (~> 1.1.2)
      in_threads (~> 1.2.0)
      progress (~> 3.0.0)
    image_size (1.1.4)
    in_threads (1.2.0)
    jsmin (1.0.1)
    json (1.8.1)
    kramdown (1.2.0)
    listen (2.2.0)
      celluloid (>= 0.15.2)
      rb-fsevent (>= 0.9.3)
      rb-inotify (>= 0.9)
    lumberjack (1.0.4)
    method_source (0.8.2)
    mime-types (2.0)
    mini_portile (0.5.2)
    multi_json (1.8.2)
    nanoc (3.6.6)
      cri (~> 2.3)
    nanoc-cachebuster (0.3.1)
      nanoc (>= 3.3.0)
    nanoc-image-compressor (0.1.1)
      image_optim
      nanoc (>= 3.3.1)
    nanoc-javascript-concatenator (0.0.2)
      nanoc (>= 3.3.0)
    nokogiri (1.6.0)
      mini_portile (~> 0.5.0)
    progress (3.0.0)
    pry (0.9.12.3)
      coderay (~> 1.0)
      method_source (~> 0.8)
      slop (~> 3.4)
    rack (1.5.2)
    rainpress (1.0)
    rake (10.1.0)
    rb-fsevent (0.9.3)
    rb-inotify (0.9.2)
      ffi (>= 0.5.0)
    rubypants (0.2.0)
    slop (3.4.7)
    systemu (2.5.2)
    thor (0.18.1)
    timers (1.1.0)
    typogruby (1.0.16)
      rubypants
    uglifier (2.3.1)
      execjs (>= 0.3.0)
      json (>= 1.8.0)
    w3c_validators (1.2)
      json
      nokogiri

PLATFORMS
  ruby

DEPENDENCIES
  adsf
  builder
  git
  guard (~> 2.2.2)
  guard-nanoc (~> 1.0.1)
  haml (~> 3.1)
  i18n
  jsmin (~> 1.0)
  kramdown
  mime-types
  multi_json (~> 1.3)
  nanoc (~> 3.6.4)
  nanoc-cachebuster (>= 0.3.1)
  nanoc-image-compressor (>= 0.1.1)
  nanoc-javascript-concatenator (~> 0.0.2)
  nokogiri
  rack
  rainpress (~> 1.0)
  rake
  systemu
  typogruby
  uglifier
  w3c_validators
