GEM
  remote: https://rubygems.org/
  specs:
    activesupport (4.1.8)
      i18n (~> 0.6, >= 0.6.9)
      json (~> 1.7, >= 1.7.7)
      minitest (~> 5.1)
      thread_safe (~> 0.1)
      tzinfo (~> 1.1)
    adsf (1.2.0)
      rack (>= 1.0.0)
    builder (3.2.2)
    celluloid (0.16.0)
      timers (~> 4.0.0)
    chunky_png (1.3.3)
    coderay (1.1.0)
    colored (1.2)
    compass (0.12.7)
      chunky_png (~> 1.2)
      fssm (>= 0.2.7)
      sass (~> 3.2.19)
    cri (2.6.1)
      colored (~> 1.2)
    execjs (2.2.2)
    exifr (1.2.0)
    ffi (1.9.6)
    formatador (0.2.5)
    fspath (2.1.0)
    fssm (0.2.10)
    guard (2.2.5)
      formatador (>= 0.2.4)
      listen (~> 2.1)
      lumberjack (~> 1.0)
      pry (>= 0.9.12)
      thor (>= 0.18.1)
    guard-nanoc (1.0.2)
      guard (>= 1.8.0)
      nanoc (>= 3.6.3)
    haml (3.1.8)
    hitimes (1.2.2)
    i18n (0.6.11)
    image_optim (0.19.1)
      exifr (~> 1.1, >= 1.1.3)
      fspath (~> 2.1)
      image_size (~> 1.3)
      in_threads (~> 1.3)
      progress (~> 3.0, >= 3.0.1)
    image_size (1.4.1)
    in_threads (1.3.0)
    jsmin (1.0.1)
    json (1.8.1)
    kramdown (1.5.0)
    listen (2.8.3)
      celluloid (>= 0.15.2)
      rb-fsevent (>= 0.9.3)
      rb-inotify (>= 0.9)
    lumberjack (1.0.9)
    method_source (0.8.2)
    mime-types (2.4.3)
    mini_portile (0.6.1)
    minitest (5.4.3)
    multi_json (1.10.1)
    nanoc (3.6.11)
      cri (~> 2.3)
    nanoc-cachebuster (0.3.1)
      nanoc (>= 3.3.0)
    nanoc-image-compressor (0.1.1)
      image_optim
      nanoc (>= 3.3.1)
    nanoc-javascript-concatenator (0.0.2)
      nanoc (>= 3.3.0)
    nokogiri (1.6.5)
      mini_portile (~> 0.6.0)
    progress (3.0.1)
    pry (0.10.1)
      coderay (~> 1.1.0)
      method_source (~> 0.8.1)
      slop (~> 3.4)
    rack (1.5.2)
    rainpress (1.0)
    rake (10.4.2)
    rb-fsevent (0.9.4)
    rb-inotify (0.9.5)
      ffi (>= 0.5.0)
    rubypants (0.2.0)
    sass (3.2.19)
    slop (3.6.0)
    systemu (2.6.4)
    thor (0.19.1)
    thread_safe (0.3.4)
    timers (4.0.1)
      hitimes
    typogruby (1.0.17)
      rubypants
    tzinfo (1.2.2)
      thread_safe (~> 0.1)
    uglifier (2.6.0)
      execjs (>= 0.3.0)
      json (>= 1.8.0)
    w3c_validators (1.2)
      json
      nokogiri

PLATFORMS
  ruby

DEPENDENCIES
  activesupport
  adsf
  builder
  compass (~> 0.12.2)
  guard (~> 2.2.2)
  guard-nanoc (~> 1.0.1)
  haml (~> 3.1)
  i18n
  jsmin (~> 1.0)
  kramdown
  mime-types
  multi_json (~> 1.3)
  nanoc (~> 3.6.4)
  nanoc-cachebuster (>= 0.3.1)
  nanoc-image-compressor (>= 0.1.1)
  nanoc-javascript-concatenator (~> 0.0.2)
  nokogiri
  rack
  rainpress (~> 1.0)
  rake
  sass (~> 3.2.12)
  systemu
  typogruby
  uglifier
  w3c_validators
