GEM
  remote: https://rubygems.org/
  specs:
    activesupport (6.0.2.1)
      concurrent-ruby (~> 1.0, >= 1.0.2)
      i18n (>= 0.7, < 2)
      minitest (~> 5.1)
      tzinfo (~> 1.1)
      zeitwerk (~> 2.2)
    addressable (2.7.0)
      public_suffix (>= 2.0.2, < 5.0)
    adsf (1.4.3)
      rack (>= 1.0.0, < 3.0.0)
    builder (3.2.4)
    chunky_png (1.3.11)
    coderay (1.1.2)
    colored (1.2)
    compass (1.0.3)
      chunky_png (~> 1.2)
      compass-core (~> 1.0.2)
      compass-import-once (~> 1.0.5)
      rb-fsevent (>= 0.9.3)
      rb-inotify (>= 0.9)
      sass (>= 3.3.13, < 3.5)
    compass-core (1.0.3)
      multi_json (~> 1.0)
      sass (>= 3.3.0, < 3.5)
    compass-import-once (1.0.5)
      sass (>= 3.2, < 3.5)
    concurrent-ruby (1.1.6)
    cri (2.15.10)
    ddmemoize (1.0.0)
      ddmetrics (~> 1.0)
      ref (~> 2.0)
    ddmetrics (1.0.1)
    ddplugin (1.0.2)
    diff-lcs (1.3)
    equatable (0.6.1)
    execjs (2.7.0)
    exifr (1.3.6)
    ffi (1.12.2)
    formatador (0.2.5)
    fspath (3.1.2)
    guard (2.16.1)
      formatador (>= 0.2.4)
      listen (>= 2.7, < 4.0)
      lumberjack (>= 1.0.12, < 2.0)
      nenv (~> 0.1)
      notiffany (~> 0.0)
      pry (>= 0.9.12)
      shellany (~> 0.0)
      thor (>= 0.18.1)
    guard-compat (1.2.1)
    guard-nanoc (2.1.7)
      guard (~> 2.8)
      guard-compat (~> 1.0)
      nanoc (>= 4.11.13, < 5.0)
    hamster (3.0.0)
      concurrent-ruby (~> 1.0)
    i18n (1.8.2)
      concurrent-ruby (~> 1.0)
    image_optim (0.26.5)
      exifr (~> 1.2, >= 1.2.2)
      fspath (~> 3.0)
      image_size (>= 1.5, < 3)
      in_threads (~> 1.3)
      progress (~> 3.0, >= 3.0.1)
    image_size (2.0.2)
    in_threads (1.5.4)
    jsmin (1.0.1)
    json (2.3.0)
    json_schema (0.20.8)
    listen (3.2.1)
      rb-fsevent (~> 0.10, >= 0.10.3)
      rb-inotify (~> 0.9, >= 0.9.10)
    lumberjack (1.2.4)
    method_source (0.9.2)
    mime-types (3.3.1)
      mime-types-data (~> 3.2015)
    mime-types-data (3.2019.1009)
    mini_portile2 (2.4.0)
    minitest (5.14.0)
    multi_json (1.14.1)
    nanoc (4.11.14)
      addressable (~> 2.5)
      colored (~> 1.2)
      nanoc-cli (= 4.11.14)
      nanoc-core (= 4.11.14)
      parallel (~> 1.12)
      tty-command (~> 0.8)
      tty-which (~> 0.4)
    nanoc-cli (4.11.14)
      cri (~> 2.15)
      diff-lcs (~> 1.3)
      nanoc-core (= 4.11.14)
      zeitwerk (~> 2.1)
    nanoc-core (4.11.14)
      ddmemoize (~> 1.0)
      ddmetrics (~> 1.0)
      ddplugin (~> 1.0)
      hamster (~> 3.0)
      json_schema (~> 0.19)
      slow_enumerator_tools (~> 1.0)
      tomlrb (~> 1.2)
      tty-platform (~> 0.2)
      zeitwerk (~> 2.1)
    nanoc-image-compressor (0.1.1)
      image_optim
      nanoc (>= 3.3.1)
    nanoc-javascript-concatenator (0.0.2)
      nanoc (>= 3.3.0)
    nenv (0.3.0)
    nokogiri (1.10.8)
      mini_portile2 (~> 2.4.0)
    notiffany (0.1.3)
      nenv (~> 0.1)
      shellany (~> 0.0)
    parallel (1.19.1)
    pastel (0.7.3)
      equatable (~> 0.6)
      tty-color (~> 0.5)
    progress (3.5.2)
    pry (0.12.2)
      coderay (~> 1.1.0)
      method_source (~> 0.9.0)
    public_suffix (4.0.3)
    rack (2.2.2)
    rainpress (1.0.1)
    rake (13.0.1)
    rb-fsevent (0.10.3)
    rb-inotify (0.10.1)
      ffi (~> 1.0)
    redcarpet (3.5.0)
    ref (2.0.0)
    rouge (3.16.0)
    rubypants (0.7.1)
    sass (3.4.25)
    shellany (0.0.1)
    slow_enumerator_tools (1.1.0)
    systemu (2.6.5)
    terminal-notifier-guard (1.7.0)
    thor (1.0.1)
    thread_safe (0.3.6)
    tomlrb (1.2.9)
    tty-color (0.5.1)
    tty-command (0.9.0)
      pastel (~> 0.7.0)
    tty-platform (0.3.0)
    tty-which (0.4.2)
    typogruby (1.0.18)
      rubypants
    tzinfo (1.2.6)
      thread_safe (~> 0.1)
    uglifier (4.2.0)
      execjs (>= 0.3.0, < 3)
    w3c_validators (1.3.4)
      json (>= 1.8)
      nokogiri (~> 1.6)
    zeitwerk (2.2.2)

PLATFORMS
  ruby

DEPENDENCIES
  activesupport
  adsf
  builder
  compass (~> 1)
  guard (~> 2.8)
  guard-nanoc (~> 2.1.0)
  i18n
  jsmin (~> 1.0)
  mime-types
  multi_json (~> 1.3)
  nanoc (~> 4)
  nanoc-image-compressor (>= 0.1.1)
  nanoc-javascript-concatenator (~> 0.0.2)
  nokogiri (>= 1.8.5)
  rack (>= 2.0.6)
  rainpress (~> 1.0)
  rake
  redcarpet (> 3.0)
  rouge
  sass (~> 3)
  systemu
  terminal-notifier-guard
  typogruby
  uglifier
  w3c_validators

BUNDLED WITH
   1.17.3
